GEM
  remote: https://rubygems.org/
  specs:
    actioncable (7.0.8)
      actionpack (= 7.0.8)
      activesupport (= 7.0.8)
      nio4r (~> 2.0)
      websocket-driver (>= 0.6.1)
    actionmailbox (7.0.8)
      actionpack (= 7.0.8)
      activejob (= 7.0.8)
      activerecord (= 7.0.8)
      activestorage (= 7.0.8)
      activesupport (= 7.0.8)
      mail (>= 2.7.1)
      net-imap
      net-pop
      net-smtp
    actionmailer (7.0.8)
      actionpack (= 7.0.8)
      actionview (= 7.0.8)
      activejob (= 7.0.8)
      activesupport (= 7.0.8)
      mail (~> 2.5, >= 2.5.4)
      net-imap
      net-pop
      net-smtp
      rails-dom-testing (~> 2.0)
    actionpack (7.0.8)
      actionview (= 7.0.8)
      activesupport (= 7.0.8)
      rack (~> 2.0, >= 2.2.4)
      rack-test (>= 0.6.3)
      rails-dom-testing (~> 2.0)
      rails-html-sanitizer (~> 1.0, >= 1.2.0)
    actiontext (7.0.8)
      actionpack (= 7.0.8)
      activerecord (= 7.0.8)
      activestorage (= 7.0.8)
      activesupport (= 7.0.8)
      globalid (>= 0.6.0)
      nokogiri (>= 1.8.5)
    actionview (7.0.8)
      activesupport (= 7.0.8)
      builder (~> 3.1)
      erubi (~> 1.4)
      rails-dom-testing (~> 2.0)
      rails-html-sanitizer (~> 1.1, >= 1.2.0)
    active_model_otp (2.3.2)
      activemodel
      rotp (~> 6.2.0)
    activejob (7.0.8)
      activesupport (= 7.0.8)
      globalid (>= 0.3.6)
    activemodel (7.0.8)
      activesupport (= 7.0.8)
    activerecord (7.0.8)
      activemodel (= 7.0.8)
      activesupport (= 7.0.8)
    activestorage (7.0.8)
      actionpack (= 7.0.8)
      activejob (= 7.0.8)
      activerecord (= 7.0.8)
      activesupport (= 7.0.8)
      marcel (~> 1.0)
      mini_mime (>= 1.1.0)
    activesupport (7.0.8)
      concurrent-ruby (~> 1.0, >= 1.0.2)
      i18n (>= 1.6, < 2)
      minitest (>= 5.1)
      tzinfo (~> 2.0)
    addressable (2.8.6)
      public_suffix (>= 2.0.2, < 6.0)
    apipie-rails (1.3.0)
      actionpack (>= 5.0)
      activesupport (>= 5.0)
    base64 (0.2.0)
    bcrypt (3.1.20)
    bigdecimal (3.1.7)
    blueprinter (1.0.2)
    bootsnap (1.18.3)
      msgpack (~> 1.2)
    builder (3.2.4)
    childprocess (5.0.0)
    concurrent-ruby (1.2.3)
    crass (1.0.6)
    date (3.3.4)
    debug (1.9.1)
      irb (~> 1.10)
      reline (>= 0.3.8)
    dotenv (3.1.0)
    dotenv-rails (3.1.0)
      dotenv (= 3.1.0)
      railties (>= 6.1)
    erubi (1.12.0)
    faraday (1.10.3)
      faraday-em_http (~> 1.0)
      faraday-em_synchrony (~> 1.0)
      faraday-excon (~> 1.1)
      faraday-httpclient (~> 1.0)
      faraday-multipart (~> 1.0)
      faraday-net_http (~> 1.0)
      faraday-net_http_persistent (~> 1.0)
      faraday-patron (~> 1.0)
      faraday-rack (~> 1.0)
      faraday-retry (~> 1.0)
      ruby2_keywords (>= 0.0.4)
    faraday-em_http (1.0.0)
    faraday-em_synchrony (1.0.0)
    faraday-excon (1.1.0)
    faraday-httpclient (1.0.1)
    faraday-multipart (1.0.4)
      multipart-post (~> 2)
    faraday-net_http (1.0.1)
    faraday-net_http_persistent (1.2.0)
    faraday-patron (1.0.0)
    faraday-rack (1.0.0)
    faraday-retry (1.0.3)
    globalid (1.2.1)
      activesupport (>= 6.1)
    i18n (1.14.1)
      concurrent-ruby (~> 1.0)
    io-console (0.7.2)
    irb (1.11.1)
      rdoc
      reline (>= 0.4.2)
    jwt (2.8.1)
      base64
    kaminari (1.2.2)
      activesupport (>= 4.1.0)
      kaminari-actionview (= 1.2.2)
      kaminari-activerecord (= 1.2.2)
      kaminari-core (= 1.2.2)
    kaminari-actionview (1.2.2)
      actionview
      kaminari-core (= 1.2.2)
    kaminari-activerecord (1.2.2)
      activerecord
      kaminari-core (= 1.2.2)
    kaminari-core (1.2.2)
    launchy (3.0.0)
      addressable (~> 2.8)
      childprocess (~> 5.0)
    letter_opener (1.10.0)
      launchy (>= 2.2, < 4)
    loofah (2.22.0)
      crass (~> 1.0.2)
      nokogiri (>= 1.12.0)
    mail (2.8.1)
      mini_mime (>= 0.1.1)
      net-imap
      net-pop
      net-smtp
    mailtrap (2.0.0)
    marcel (1.0.2)
    method_source (1.0.0)
    mini_mime (1.1.5)
    minitest (5.21.2)
    msgpack (1.7.2)
    multipart-post (2.4.0)
    net-imap (0.4.9.1)
      date
      net-protocol
    net-pop (0.1.2)
      net-protocol
    net-protocol (0.2.2)
      timeout
    net-smtp (0.4.0.1)
      net-protocol
    nio4r (2.7.0)
    nokogiri (1.16.1-x86_64-darwin)
      racc (~> 1.4)
    oj (3.16.3)
      bigdecimal (>= 3.0)
    pg (1.5.4)
    psych (5.1.2)
      stringio
    public_suffix (5.0.5)
    puma (5.6.8)
      nio4r (~> 2.0)
    racc (1.7.3)
    rack (2.2.8)
    rack-test (2.1.0)
      rack (>= 1.3)
    rails (7.0.8)
      actioncable (= 7.0.8)
      actionmailbox (= 7.0.8)
      actionmailer (= 7.0.8)
      actionpack (= 7.0.8)
      actiontext (= 7.0.8)
      actionview (= 7.0.8)
      activejob (= 7.0.8)
      activemodel (= 7.0.8)
      activerecord (= 7.0.8)
      activestorage (= 7.0.8)
      activesupport (= 7.0.8)
      bundler (>= 1.15.0)
      railties (= 7.0.8)
    rails-dom-testing (2.2.0)
      activesupport (>= 5.0.0)
      minitest
      nokogiri (>= 1.6)
    rails-html-sanitizer (1.6.0)
      loofah (~> 2.21)
      nokogiri (~> 1.14)
    railties (7.0.8)
      actionpack (= 7.0.8)
      activesupport (= 7.0.8)
      method_source
      rake (>= 12.2)
      thor (~> 1.0)
      zeitwerk (~> 2.5)
    rake (13.1.0)
    rdoc (6.6.2)
      psych (>= 4.0.0)
    reline (0.4.2)
      io-console (~> 0.5)
    rotp (6.2.2)
    ruby2_keywords (0.0.5)
    ruby_http_client (3.5.5)
    sendgrid-ruby (6.7.0)
      ruby_http_client (~> 3.4)
    sentry-rails (5.17.1)
      railties (>= 5.0)
      sentry-ruby (~> 5.17.1)
    sentry-ruby (5.17.1)
      bigdecimal
      concurrent-ruby (~> 1.0, >= 1.0.2)
    stringio (3.1.0)
    thor (1.3.0)
    timeout (0.4.1)
    tzinfo (2.0.6)
      concurrent-ruby (~> 1.0)
    websocket-driver (0.7.6)
      websocket-extensions (>= 0.1.0)
    websocket-extensions (0.1.5)
    zeitwerk (2.6.12)

PLATFORMS
  x86_64-darwin-21

DEPENDENCIES
  active_model_otp
  apipie-rails
  bcrypt
  blueprinter
  bootsnap
  debug
  dotenv-rails
  faraday (~> 1.5)
  jwt
  kaminari
  letter_opener
  mailtrap
  oj
  pg (~> 1.1)
  puma (~> 5.0)
  rails (~> 7.0.8)
  sendgrid-ruby
  sentry-rails
  sentry-ruby
  tzinfo-data

RUBY VERSION
   ruby 3.0.6p216

BUNDLED WITH
   2.2.33
